GIT
  remote: https://github.com/rkh/coder
  revision: 44b0cf89b98caecc654dd1a724a448e17ef7aa6c
  specs:
    coder (0.4.0)

GIT
  remote: https://github.com/travis-ci/gh
  revision: 490fbc2a663613f98a19060de7b128eb07014b2f
  branch: 6.1
  specs:
    gh (0.18.0)
      activesupport (>= 5, < 6.2)
      addressable (~> 2.8)
      faraday (~> 1.0)
      faraday_middleware (~> 1.0)
      multi_json (~> 1.0)
      net-http-persistent (~> 2.9)
      net-http-pipeline

GIT
  remote: https://github.com/travis-ci/marginalia
  revision: 74ff54cf200678ec2869cf7c9a0f2f7573eec93b
  branch: 6.1
  specs:
    marginalia (1.6.0)
      pg (~> 1.3)

GIT
  remote: https://github.com/travis-ci/metriks
  revision: 9b5a34fecebecc741417b25e43c340394aa6cc5e
  specs:
    metriks (0.9.9.8)
      HDRHistogram (~> 0.1.3)
      atomic (~> 1.0)
      avl_tree (~> 1.2.0)
      hitimes (~> 1.1)

GIT
  remote: https://github.com/travis-ci/metriks-librato_metrics
  revision: 7ec1c97f4f6f783d2a04c7922baac98a9fbbba25
  specs:
    metriks-librato_metrics (1.0.6)
      metriks (>= 0.9.9.6)

GIT
  remote: https://github.com/travis-ci/travis-exceptions
  revision: 3ed61f62d8122d1bcc512e95f85a76e20b8632a8
  branch: 6.1
  specs:
    travis-exceptions (0.0.2)
      sentry-raven

GIT
  remote: https://github.com/travis-ci/travis-lock/
  revision: 1dbed2874330d5d24c1dcdb9143ecf9a5eb041a9
  branch: 6.1
  specs:
    travis-lock (0.1.1)

GIT
  remote: https://github.com/travis-ci/travis-logger
  revision: 765046a4746617a70395fe2200e8a91dc416f1b3
  specs:
    travis-logger (0.0.1)

GIT
  remote: https://github.com/travis-ci/travis-metrics
  revision: ce620aecdf179ea82280872ec56aa3095a2e59a5
  specs:
    travis-metrics (2.0.0)
      metriks-librato_metrics (~> 1.0)

GIT
  remote: https://github.com/travis-ci/travis-rollout
  revision: ac0184411b3618dd5e5706db8fe7676a107c7b07
  specs:
    travis-rollout (0.0.1)

GIT
  remote: https://github.com/travis-ci/travis-settings
  revision: 822fe397e99cef303fdccde90e14fc95b032811c
  branch: 6.1
  specs:
    travis-settings (0.0.2)
      activemodel (~> 6.1.4.6)
      virtus

GEM
  remote: https://gems.contribsys.com/
  specs:
    sidekiq-pro (3.4.0)
      sidekiq (>= 4.1.5)

GEM
  remote: https://rubygems.org/
  specs:
    HDRHistogram (0.1.3)
    activemodel (6.1.4.6)
      activesupport (= 6.1.4.6)
    activerecord (6.1.4.6)
      activemodel (= 6.1.4.6)
      activesupport (= 6.1.4.6)
    activesupport (6.1.4.6)
      concurrent-ruby (~> 1.0, >= 1.0.2)
      i18n (>= 1.6, < 2)
      minitest (>= 5.1)
      tzinfo (~> 2.0)
      zeitwerk (~> 2.3)
    addressable (2.8.0)
      public_suffix (>= 2.0.2, < 5.0)
    amq-protocol (2.3.0)
    atomic (1.1.99)
    avl_tree (1.2.1)
      atomic (~> 1.1)
    axiom-types (0.1.1)
      descendants_tracker (~> 0.0.4)
      ice_nine (~> 0.11.0)
      thread_safe (~> 0.3, >= 0.3.1)
    bunny (2.9.2)
      amq-protocol (~> 2.3.0)
    cl (0.0.4)
    coderay (1.1.2)
    coercible (1.0.0)
      descendants_tracker (~> 0.0.1)
    concurrent-ruby (1.1.9)
    connection_pool (2.2.5)
    crack (0.4.3)
      safe_yaml (~> 1.0.0)
    database_cleaner (1.99.0)
    descendants_tracker (0.0.4)
      thread_safe (~> 0.3, >= 0.3.1)
    diff-lcs (1.3)
    domain_name (0.5.20190701)
      unf (>= 0.0.5, < 1.0.0)
    excon (0.79.0)
    factory_girl (4.9.0)
      activesupport (>= 3.0.0)
    faraday (1.10.0)
      faraday-em_http (~> 1.0)
      faraday-em_synchrony (~> 1.0)
      faraday-excon (~> 1.1)
      faraday-httpclient (~> 1.0)
      faraday-multipart (~> 1.0)
      faraday-net_http (~> 1.0)
      faraday-net_http_persistent (~> 1.0)
      faraday-patron (~> 1.0)
      faraday-rack (~> 1.0)
      faraday-retry (~> 1.0)
      ruby2_keywords (>= 0.0.4)
    faraday-em_http (1.0.0)
    faraday-em_synchrony (1.0.0)
    faraday-excon (1.1.0)
    faraday-httpclient (1.0.1)
    faraday-multipart (1.0.3)
      multipart-post (>= 1.2, < 3)
    faraday-net_http (1.0.1)
    faraday-net_http_persistent (1.2.0)
    faraday-patron (1.0.0)
    faraday-rack (1.0.0)
    faraday-retry (1.0.3)
    faraday_middleware (1.2.0)
      faraday (~> 1.0)
    ffi (1.15.0)
    ffi-compiler (1.0.1)
      ffi (>= 1.0.0)
      rake
    hashdiff (0.3.4)
    hashr (2.0.1)
    hitimes (1.2.6)
    http (4.4.1)
      addressable (~> 2.3)
      http-cookie (~> 1.0)
      http-form_data (~> 2.2)
      http-parser (~> 1.2.0)
    http-cookie (1.0.3)
      domain_name (~> 0.5)
    http-form_data (2.3.0)
    http-parser (1.2.3)
      ffi-compiler (>= 1.0, < 2.0)
    i18n (1.10.0)
      concurrent-ruby (~> 1.0)
    ice_nine (0.11.2)
    libhoney (1.18.0)
      addressable (~> 2.0)
      excon
      http (>= 2.0, < 5.0)
    metaclass (0.0.4)
    method_source (0.9.0)
    minitest (5.15.0)
    mocha (0.10.5)
      metaclass (~> 0.0.1)
    multi_json (1.12.1)
    multipart-post (2.1.1)
    net-http-persistent (2.9.4)
    net-http-pipeline (1.0.1)
    pg (1.3.3)
    pry (0.11.3)
      coderay (~> 1.1.0)
      method_source (~> 0.9.0)
    public_suffix (4.0.6)
    rack (2.2.3.1)
    rake (13.0.1)
    redis (4.6.0)
    redis-namespace (1.8.1)
      redis (>= 3.0.4)
    redlock (1.2.2)
      redis (>= 3.0.0, < 5.0)
    rollout (1.1.0)
    rspec (3.7.0)
      rspec-core (~> 3.7.0)
      rspec-expectations (~> 3.7.0)
      rspec-mocks (~> 3.7.0)
    rspec-core (3.7.1)
      rspec-support (~> 3.7.0)
    rspec-expectations (3.7.0)
      diff-lcs (>= 1.2.0, < 2.0)
      rspec-support (~> 3.7.0)
    rspec-mocks (3.7.0)
      diff-lcs (>= 1.2.0, < 2.0)
      rspec-support (~> 3.7.0)
    rspec-support (3.7.1)
    ruby2_keywords (0.0.5)
    safe_yaml (1.0.4)
    sentry-raven (3.1.2)
      faraday (>= 1.0)
    sidekiq (6.4.1)
      connection_pool (>= 2.2.2)
      rack (~> 2.0)
      redis (>= 4.2.0)
    thread_safe (0.3.6)
    travis-config (1.1.3)
      hashr (~> 2.0)
    tzinfo (2.0.4)
      concurrent-ruby (~> 1.0)
    unf (0.1.4)
      unf_ext
    unf_ext (0.0.7.7)
    virtus (2.0.0)
      axiom-types (~> 0.1)
      coercible (~> 1.0)
      descendants_tracker (~> 0.0, >= 0.0.3)
    webmock (3.0.1)
      addressable (>= 2.3.6)
      crack (>= 0.3.2)
      hashdiff
    zeitwerk (2.5.4)

PLATFORMS
  ruby

DEPENDENCIES
  activerecord (~> 6.1.4.6)
  bunny (~> 2.9.2)
  cl
  coder!
  concurrent-ruby
  database_cleaner
  factory_girl
  faraday
  gh!
  libhoney
  marginalia!
  metriks!
  metriks-librato_metrics!
  mocha (~> 0.10.0)
  multi_json (~> 1.11)
  pg
  pry
  rack (>= 2.1.4)
  rake
  redis-namespace
  redlock
  rollout
  rspec
  sentry-raven
  sidekiq (~> 6.4)
  sidekiq-pro!
  travis-config (~> 1.1.3)
  travis-exceptions!
  travis-lock!
  travis-logger!
  travis-metrics!
  travis-rollout!
  travis-settings!
  webmock

RUBY VERSION
   ruby 2.7.5p203

BUNDLED WITH
   2.3.7
