GIT
  remote: https://github.com/rkh/coder
  revision: 44b0cf89b98caecc654dd1a724a448e17ef7aa6c
  specs:
    coder (0.4.0)

GIT
  remote: https://github.com/travis-ci/gh
  revision: 38fb339510ff9ae67cb08c6df7698f4c393f5a44
  specs:
    gh (0.15.1)
      addressable (~> 2.4)
      backports
      faraday (~> 0.8)
      multi_json (~> 1.0)
      net-http-persistent (~> 2.9)
      net-http-pipeline

GIT
  remote: https://github.com/travis-ci/travis-exceptions
  revision: 71b11939f1f3b86d1e2fd94f3b9b8f78af290e12
  specs:
    travis-exceptions (0.0.2)
      sentry-raven

GIT
  remote: https://github.com/travis-ci/travis-logger
  revision: 765046a4746617a70395fe2200e8a91dc416f1b3
  specs:
    travis-logger (0.0.1)

GIT
  remote: https://github.com/travis-ci/travis-rollout
  revision: 643477fb44ea35d483ed24cc89ced459719c6e6c
  ref: sf-refactor
  specs:
    travis-rollout (0.0.1)

GIT
  remote: https://github.com/travis-ci/travis-settings
  revision: 7427a9d9738a0e6efe184bc2356b1d5e7704ba60
  ref: sf-ruby-2.4.1
  specs:
    travis-settings (0.0.1)
      activemodel
      virtus

GEM
  remote: https://rubygems.org/
  remote: https://gems.contribsys.com/
  specs:
    activemodel (4.2.9)
      activesupport (= 4.2.9)
      builder (~> 3.1)
    activerecord (4.2.9)
      activemodel (= 4.2.9)
      activesupport (= 4.2.9)
      arel (~> 6.0)
    activesupport (4.2.9)
      i18n (~> 0.7)
      minitest (~> 5.1)
      thread_safe (~> 0.3, >= 0.3.4)
      tzinfo (~> 1.1)
    addressable (2.5.1)
      public_suffix (~> 2.0, >= 2.0.2)
    amq-protocol (2.0.1)
    arel (6.0.4)
    atomic (1.1.99)
    avl_tree (1.2.1)
      atomic (~> 1.1)
    axiom-types (0.1.1)
      descendants_tracker (~> 0.0.4)
      ice_nine (~> 0.11.0)
      thread_safe (~> 0.3, >= 0.3.1)
    backports (3.8.0)
    builder (3.2.3)
    bunny (2.6.1)
      amq-protocol (>= 2.0.1)
    cl (0.0.4)
    coercible (1.0.0)
      descendants_tracker (~> 0.0.1)
    concurrent-ruby (1.0.5)
    connection_pool (2.2.1)
    crack (0.4.3)
      safe_yaml (~> 1.0.0)
    database_cleaner (1.5.3)
    descendants_tracker (0.0.4)
      thread_safe (~> 0.3, >= 0.3.1)
    diff-lcs (1.2.5)
    equalizer (0.0.11)
    factory_girl (4.7.0)
      activesupport (>= 3.0.0)
    faraday (0.13.1)
      multipart-post (>= 1.2, < 3)
    hashdiff (0.3.4)
    hashr (2.0.1)
    hitimes (1.2.4)
    i18n (0.8.6)
    ice_nine (0.11.2)
    jemalloc (1.0.1)
    metaclass (0.0.4)
    metriks (0.9.9.7)
      atomic (~> 1.0)
      avl_tree (~> 1.2.0)
      hitimes (~> 1.1)
    metriks-librato_metrics (1.0.6)
      metriks (>= 0.9.9.6)
    minitest (5.10.3)
    mocha (0.10.5)
      metaclass (~> 0.0.1)
    multi_json (1.12.1)
    multipart-post (2.0.0)
    net-http-persistent (2.9.4)
    net-http-pipeline (1.0.1)
    pg (0.19.0)
    public_suffix (2.0.5)
    rack (1.6.4)
    rack-protection (1.5.3)
      rack
    rake (11.3.0)
    redis (3.3.3)
    redis-namespace (1.5.2)
      redis (~> 3.0, >= 3.0.4)
    redlock (0.1.8)
      redis (~> 3, >= 3.0.0)
    rollout (1.1.0)
    rspec (3.5.0)
      rspec-core (~> 3.5.0)
      rspec-expectations (~> 3.5.0)
      rspec-mocks (~> 3.5.0)
    rspec-core (3.5.4)
      rspec-support (~> 3.5.0)
    rspec-expectations (3.5.0)
      diff-lcs (>= 1.2.0, < 2.0)
      rspec-support (~> 3.5.0)
    rspec-mocks (3.5.0)
      diff-lcs (>= 1.2.0, < 2.0)
      rspec-support (~> 3.5.0)
    rspec-support (3.5.0)
    safe_yaml (1.0.4)
    sentry-raven (2.6.3)
      faraday (>= 0.7.6, < 1.0)
    sidekiq (4.2.6)
      concurrent-ruby (~> 1.0)
      connection_pool (~> 2.2, >= 2.2.0)
      rack-protection (>= 1.5.0)
      redis (~> 3.2, >= 3.2.1)
    sidekiq-pro (3.4.0)
      sidekiq (>= 4.1.5)
    thread_safe (0.3.6)
    travis-config (1.1.3)
      hashr (~> 2.0)
    travis-lock (0.1.1)
    travis-metrics (2.0.0)
      metriks-librato_metrics (~> 1.0)
    tzinfo (1.2.3)
      thread_safe (~> 0.1)
    virtus (1.0.5)
      axiom-types (~> 0.1)
      coercible (~> 1.0)
      descendants_tracker (~> 0.0, >= 0.0.3)
      equalizer (~> 0.0, >= 0.0.9)
    webmock (3.0.1)
      addressable (>= 2.3.6)
      crack (>= 0.3.2)
      hashdiff

PLATFORMS
  ruby

DEPENDENCIES
  activerecord (~> 4.2.7)
  bunny (~> 2.6.1)
  cl
  coder!
  concurrent-ruby
  database_cleaner (~> 1.5.1)
  factory_girl (~> 4.7.0)
  gh!
  jemalloc
  mocha (~> 0.10.0)
  multi_json (~> 1.11)
  pg
  rack (= 1.6.4)
  rake
  redis-namespace
  redlock
  rollout
  rspec
  sentry-raven
  sidekiq-pro!
  travis-config (~> 1.1.3)
  travis-exceptions!
  travis-lock
  travis-logger!
  travis-metrics (~> 2.0.0)
  travis-rollout!
  travis-settings!
  webmock

BUNDLED WITH
   1.15.3
