GIT
  remote: git://github.com/getsentry/raven-ruby.git
  revision: 8e1a23aa844708001e91471ba28a616a335ebbe2
  specs:
    sentry-raven (2.0.1)
      faraday (>= 0.7.6, < 0.10.x)

GIT
  remote: git://github.com/rkh/coder.git
  revision: 44b0cf89b98caecc654dd1a724a448e17ef7aa6c
  specs:
    coder (0.4.0)

GIT
  remote: git://github.com/travis-ci/gh.git
  revision: 30d522ebde91c24fa7e6b40a1b38107d74934b28
  specs:
    gh (0.14.0)
      addressable
      backports
      faraday (~> 0.8)
      multi_json (~> 1.0)
      net-http-persistent (>= 2.7)
      net-http-pipeline

GIT
  remote: git://github.com/travis-ci/travis-lock.git
  revision: 8aadc4cd7a1c8d89788dfc096507ee96a71fceb6
  specs:
    travis-lock (0.1.0)

GIT
  remote: git://github.com/travis-ci/travis-metrics.git
  revision: 37eac93bd1e9bd949a9842f28154c335ebeda42a
  specs:
    travis-metrics (0.0.1)
      metriks-librato_metrics (~> 1.0)

GIT
  remote: git://github.com/travis-ci/travis-settings.git
  revision: d510e63b6c6f059cccae141c265e7a0c7236d1fd
  specs:
    travis-settings (0.0.1)
      activemodel
      virtus

GIT
  remote: git://github.com/travis-ci/travis-support.git
  revision: 96b04f6b07d53918fff6e1bdb749fc5b9c8308a6
  ref: sf-instrumentation
  specs:
    travis-support (0.0.1)

GEM
  remote: https://rubygems.org/
  remote: https://gems.contribsys.com/
  specs:
    activemodel (3.2.22.5)
      activesupport (= 3.2.22.5)
      builder (~> 3.0.0)
    activerecord (3.2.22.5)
      activemodel (= 3.2.22.5)
      activesupport (= 3.2.22.5)
      arel (~> 3.0.2)
      tzinfo (~> 0.3.29)
    activesupport (3.2.22.5)
      i18n (~> 0.6, >= 0.6.4)
      multi_json (~> 1.0)
    addressable (2.4.0)
    amq-protocol (2.0.1)
    arel (3.0.3)
    atomic (1.1.99)
    avl_tree (1.2.1)
      atomic (~> 1.1)
    axiom-types (0.1.1)
      descendants_tracker (~> 0.0.4)
      ice_nine (~> 0.11.0)
      thread_safe (~> 0.3, >= 0.3.1)
    backports (3.6.8)
    builder (3.0.4)
    bunny (2.5.1)
      amq-protocol (>= 2.0.1)
    coercible (1.0.0)
      descendants_tracker (~> 0.0.1)
    concurrent-ruby (1.0.2)
    connection_pool (2.2.0)
    crack (0.4.3)
      safe_yaml (~> 1.0.0)
    dalli (2.7.6)
    database_cleaner (1.5.3)
    descendants_tracker (0.0.4)
      thread_safe (~> 0.3, >= 0.3.1)
    diff-lcs (1.2.5)
    equalizer (0.0.11)
    factory_girl (4.7.0)
      activesupport (>= 3.0.0)
    faraday (0.9.2)
      multipart-post (>= 1.2, < 3)
    hashr (2.0.0)
    hitimes (1.2.4)
    i18n (0.7.0)
    ice_nine (0.11.2)
    jemalloc (1.0.1)
    metaclass (0.0.4)
    metriks (0.9.9.7)
      atomic (~> 1.0)
      avl_tree (~> 1.2.0)
      hitimes (~> 1.1)
    metriks-librato_metrics (1.0.5)
      metriks (>= 0.9.9.6)
    mocha (0.10.5)
      metaclass (~> 0.0.1)
    multi_json (1.12.1)
    multipart-post (2.0.0)
    net-http-persistent (2.9.4)
    net-http-pipeline (1.0.1)
    pg (0.19.0)
    rack (1.6.4)
    rack-protection (1.5.3)
      rack
    rails_12factor (0.0.3)
      rails_serve_static_assets
      rails_stdout_logging
    rails_serve_static_assets (0.0.5)
    rails_stdout_logging (0.0.5)
    rake (11.3.0)
    redis (3.3.1)
    redis-namespace (1.5.2)
      redis (~> 3.0, >= 3.0.4)
    redlock (0.1.8)
      redis (~> 3, >= 3.0.0)
    rollout (1.1.0)
    rspec (3.5.0)
      rspec-core (~> 3.5.0)
      rspec-expectations (~> 3.5.0)
      rspec-mocks (~> 3.5.0)
    rspec-core (3.5.3)
      rspec-support (~> 3.5.0)
    rspec-expectations (3.5.0)
      diff-lcs (>= 1.2.0, < 2.0)
      rspec-support (~> 3.5.0)
    rspec-mocks (3.5.0)
      diff-lcs (>= 1.2.0, < 2.0)
      rspec-support (~> 3.5.0)
    rspec-support (3.5.0)
    safe_yaml (1.0.4)
    sidekiq (4.1.4)
      concurrent-ruby (~> 1.0)
      connection_pool (~> 2.2, >= 2.2.0)
      redis (~> 3.2, >= 3.2.1)
      sinatra (>= 1.4.7)
    sidekiq-pro (3.3.3)
      sidekiq (>= 4.0.0)
    sinatra (1.4.7)
      rack (~> 1.5)
      rack-protection (~> 1.4)
      tilt (>= 1.3, < 3)
    thread_safe (0.3.5)
    tilt (2.0.5)
    travis-config (1.0.12)
      hashr (~> 2.0.0)
    travis-rollout (0.0.1)
    tzinfo (0.3.51)
    virtus (1.0.5)
      axiom-types (~> 0.1)
      coercible (~> 1.0)
      descendants_tracker (~> 0.0, >= 0.0.3)
      equalizer (~> 0.0, >= 0.0.9)
    webmock (1.8.11)
      addressable (>= 2.2.7)
      crack (>= 0.1.7)

PLATFORMS
  ruby

DEPENDENCIES
  activerecord (~> 3.2)
  bunny
  coder!
  concurrent-ruby
  dalli
  database_cleaner (~> 1.5.1)
  factory_girl
  gh!
  jemalloc
  metriks-librato_metrics
  mocha (~> 0.10.0)
  multi_json (~> 1.11)
  pg
  rails_12factor
  rake
  redis-namespace (~> 1.5)
  redlock
  rollout (~> 1.1.0)
  rspec
  sentry-raven!
  sidekiq-pro!
  travis-config (~> 1.0.6)
  travis-lock!
  travis-metrics!
  travis-rollout
  travis-settings!
  travis-support!
  virtus
  webmock (~> 1.8.0)

BUNDLED WITH
   1.13.1
