GIT
  remote: git://github.com/rkh/coder.git
  revision: 44b0cf89b98caecc654dd1a724a448e17ef7aa6c
  specs:
    coder (0.4.0)

GIT
  remote: git://github.com/travis-ci/gh.git
  revision: 30d522ebde91c24fa7e6b40a1b38107d74934b28
  specs:
    gh (0.14.0)
      addressable
      backports
      faraday (~> 0.8)
      multi_json (~> 1.0)
      net-http-persistent (>= 2.7)
      net-http-pipeline

GIT
  remote: git://github.com/travis-ci/travis-exceptions.git
  revision: 884b6a2b9c21ca09e7be5f85fb27b6e9aa7711e4
  specs:
    travis-exceptions (0.0.2)
      sentry-raven

GIT
  remote: git://github.com/travis-ci/travis-lock.git
  revision: 8aadc4cd7a1c8d89788dfc096507ee96a71fceb6
  specs:
    travis-lock (0.1.0)

GIT
  remote: git://github.com/travis-ci/travis-logger.git
  revision: 765046a4746617a70395fe2200e8a91dc416f1b3
  specs:
    travis-logger (0.0.1)

GIT
  remote: git://github.com/travis-ci/travis-migrations.git
  revision: 7d9696ab7d2481d75ed85be268de8050a51363d2
  specs:
    travis-migrations (0.0.2)

GIT
  remote: git://github.com/travis-ci/travis-settings.git
  revision: d510e63b6c6f059cccae141c265e7a0c7236d1fd
  specs:
    travis-settings (0.0.1)
      activemodel
      virtus

GEM
  remote: https://rubygems.org/
  remote: https://gems.contribsys.com/
  specs:
    activemodel (4.2.7)
      activesupport (= 4.2.7)
      builder (~> 3.1)
    activerecord (4.2.7)
      activemodel (= 4.2.7)
      activesupport (= 4.2.7)
      arel (~> 6.0)
    activesupport (4.2.7)
      i18n (~> 0.7)
      json (~> 1.7, >= 1.7.7)
      minitest (~> 5.1)
      thread_safe (~> 0.3, >= 0.3.4)
      tzinfo (~> 1.1)
    addressable (2.4.0)
    amq-protocol (2.0.1)
    arel (6.0.3)
    atomic (1.1.99)
    avl_tree (1.2.1)
      atomic (~> 1.1)
    axiom-types (0.1.1)
      descendants_tracker (~> 0.0.4)
      ice_nine (~> 0.11.0)
      thread_safe (~> 0.3, >= 0.3.1)
    backports (3.6.8)
    builder (3.2.2)
    bunny (2.5.0)
      amq-protocol (>= 2.0.1)
    coercible (1.0.0)
      descendants_tracker (~> 0.0.1)
    concurrent-ruby (1.0.1)
    connection_pool (2.2.0)
    crack (0.4.3)
      safe_yaml (~> 1.0.0)
    database_cleaner (1.5.3)
    descendants_tracker (0.0.4)
      thread_safe (~> 0.3, >= 0.3.1)
    diff-lcs (1.2.5)
    equalizer (0.0.11)
    factory_girl (4.7.0)
      activesupport (>= 3.0.0)
    faraday (0.9.2)
      multipart-post (>= 1.2, < 3)
    hashr (2.0.0)
    hitimes (1.2.4)
    i18n (0.7.0)
    ice_nine (0.11.2)
    jemalloc (1.0.1)
    json (1.8.3)
    metaclass (0.0.4)
    metriks (0.9.9.7)
      atomic (~> 1.0)
      avl_tree (~> 1.2.0)
      hitimes (~> 1.1)
    metriks-librato_metrics (1.0.5)
      metriks (>= 0.9.9.6)
    minitest (5.9.0)
    mocha (0.10.5)
      metaclass (~> 0.0.1)
    multi_json (1.12.1)
    multipart-post (2.0.0)
    net-http-persistent (2.9.4)
    net-http-pipeline (1.0.1)
    pg (0.18.4)
    rack (1.6.4)
    rack-protection (1.5.3)
      rack
    rake (11.1.1)
    redis (3.3.1)
    redis-namespace (1.5.2)
      redis (~> 3.0, >= 3.0.4)
    redlock (0.1.8)
      redis (~> 3, >= 3.0.0)
    rollout (1.1.0)
    rspec (3.5.0)
      rspec-core (~> 3.5.0)
      rspec-expectations (~> 3.5.0)
      rspec-mocks (~> 3.5.0)
    rspec-core (3.5.3)
      rspec-support (~> 3.5.0)
    rspec-expectations (3.5.0)
      diff-lcs (>= 1.2.0, < 2.0)
      rspec-support (~> 3.5.0)
    rspec-mocks (3.5.0)
      diff-lcs (>= 1.2.0, < 2.0)
      rspec-support (~> 3.5.0)
    rspec-support (3.5.0)
    safe_yaml (1.0.4)
    sentry-raven (1.2.2)
      faraday (>= 0.7.6, < 0.10.x)
    sidekiq (4.1.4)
      concurrent-ruby (~> 1.0)
      connection_pool (~> 2.2, >= 2.2.0)
      redis (~> 3.2, >= 3.2.1)
      sinatra (>= 1.4.7)
    sidekiq-pro (3.3.2)
      sidekiq (>= 4.0.0)
    sinatra (1.4.7)
      rack (~> 1.5)
      rack-protection (~> 1.4)
      tilt (>= 1.3, < 3)
    thread_safe (0.3.5)
    tilt (2.0.5)
    travis-config (1.0.12)
      hashr (~> 2.0.0)
    travis-metrics (2.0.0.rc8)
      metriks-librato_metrics (~> 1.0)
    travis-rollout (0.0.1)
    tzinfo (1.2.2)
      thread_safe (~> 0.1)
    virtus (1.0.5)
      axiom-types (~> 0.1)
      coercible (~> 1.0)
      descendants_tracker (~> 0.0, >= 0.0.3)
      equalizer (~> 0.0, >= 0.0.9)
    webmock (1.8.11)
      addressable (>= 2.2.7)
      crack (>= 0.1.7)

PLATFORMS
  ruby

DEPENDENCIES
  activerecord
  bunny
  coder!
  concurrent-ruby
  database_cleaner (~> 1.5.1)
  factory_girl
  gh!
  jemalloc
  mocha (~> 0.10.0)
  multi_json (~> 1.11)
  pg
  rake
  redis-namespace
  redlock
  rollout
  rspec
  sentry-raven
  sidekiq-pro!
  travis-config (~> 1.0.6)
  travis-exceptions!
  travis-lock!
  travis-logger!
  travis-metrics (~> 2.0.0.rc3)
  travis-migrations!
  travis-rollout
  travis-settings!
  webmock (~> 1.8.0)

BUNDLED WITH
   1.13.1
